GEM
  remote: https://rubygems.org/
  specs:
    rack (2.0.1)
    shotgun (0.9.2)
      rack (>= 1.0)
    sinatra (1.0)
      rack (>= 1.0)

PLATFORMS
  ruby

DEPENDENCIES
  shotgun
  sinatra

BUNDLED WITH
   1.13.6
